GIT
  remote: https://github.com/mmotherwell/best_in_place
  revision: 88eb3052623a9a6cd346864d2aca05021c2f80d0
  specs:
    best_in_place (3.1.1)
      actionpack (>= 3.2)
      railties (>= 3.2)

GIT
  remote: https://github.com/ryanb/populator.git
  revision: 6a0855bcc5a894a31e03eed71ed85abdc0776d59
  specs:
    populator (1.0.0)

GIT
  remote: https://github.com/taras-yorku/worldcatapi.git
  revision: ed6d0cb849e86a032dc84741a5d169da19b8e385
  ref: ed6d0cb849e86a032dc84741a5d169da19b8e385
  specs:
    worldcatapi (1.0.5)
      marc (~> 0.8.1)
      nokogiri

GIT
  remote: https://github.com/tulibraries/primo.git
  revision: 567b4a6cfebaeff71def29571fe7bda96aed85c1
  branch: main
  specs:
    primo (0.2.0)
      httparty

GEM
  remote: http://rubygems.org/
  specs:
    actioncable (7.0.7.1)
      actionpack (= 7.0.7.1)
      activesupport (= 7.0.7.1)
      nio4r (~> 2.0)
      websocket-driver (>= 0.6.1)
    actionmailbox (7.0.7.1)
      actionpack (= 7.0.7.1)
      activejob (= 7.0.7.1)
      activerecord (= 7.0.7.1)
      activestorage (= 7.0.7.1)
      activesupport (= 7.0.7.1)
      mail (>= 2.7.1)
      net-imap
      net-pop
      net-smtp
    actionmailer (7.0.7.1)
      actionpack (= 7.0.7.1)
      actionview (= 7.0.7.1)
      activejob (= 7.0.7.1)
      activesupport (= 7.0.7.1)
      mail (~> 2.5, >= 2.5.4)
      net-imap
      net-pop
      net-smtp
      rails-dom-testing (~> 2.0)
    actionpack (7.0.7.1)
      actionview (= 7.0.7.1)
      activesupport (= 7.0.7.1)
      rack (~> 2.0, >= 2.2.4)
      rack-test (>= 0.6.3)
      rails-dom-testing (~> 2.0)
      rails-html-sanitizer (~> 1.0, >= 1.2.0)
    actiontext (7.0.7.1)
      actionpack (= 7.0.7.1)
      activerecord (= 7.0.7.1)
      activestorage (= 7.0.7.1)
      activesupport (= 7.0.7.1)
      globalid (>= 0.6.0)
      nokogiri (>= 1.8.5)
    actionview (7.0.7.1)
      activesupport (= 7.0.7.1)
      builder (~> 3.1)
      erubi (~> 1.4)
      rails-dom-testing (~> 2.0)
      rails-html-sanitizer (~> 1.1, >= 1.2.0)
    activejob (7.0.7.1)
      activesupport (= 7.0.7.1)
      globalid (>= 0.3.6)
    activemodel (7.0.7.1)
      activesupport (= 7.0.7.1)
    activerecord (7.0.7.1)
      activemodel (= 7.0.7.1)
      activesupport (= 7.0.7.1)
    activestorage (7.0.7.1)
      actionpack (= 7.0.7.1)
      activejob (= 7.0.7.1)
      activerecord (= 7.0.7.1)
      activesupport (= 7.0.7.1)
      marcel (~> 1.0)
      mini_mime (>= 1.1.0)
    activesupport (7.0.7.1)
      concurrent-ruby (~> 1.0, >= 1.0.2)
      i18n (>= 1.6, < 2)
      minitest (>= 5.1)
      tzinfo (~> 2.0)
    addressable (2.8.5)
      public_suffix (>= 2.0.2, < 6.0)
    alma (0.3.3)
      activesupport
      ezwadl
      httparty
      xml-simple
    audited (5.4.2)
      activerecord (>= 5.0, < 7.2)
      request_store (~> 1.2)
    autoprefixer-rails (10.4.16.0)
      execjs (~> 2)
    bcrypt (3.1.20)
    bindex (0.8.1)
    bootstrap (5.3.2)
      autoprefixer-rails (>= 9.1.0)
      popper_js (>= 2.11.8, < 3)
    builder (3.2.4)
    byebug (11.1.3)
    cancancan (3.5.0)
    capybara (3.39.2)
      addressable
      matrix
      mini_mime (>= 0.1.3)
      nokogiri (~> 1.8)
      rack (>= 1.6.0)
      rack-test (>= 0.6.3)
      regexp_parser (>= 1.5, < 3.0)
      xpath (~> 3.2)
    carrierwave (2.2.5)
      activemodel (>= 5.0.0)
      activesupport (>= 5.0.0)
      addressable (~> 2.6)
      image_processing (~> 1.1)
      marcel (~> 1.0.0)
      mini_mime (>= 0.1.3)
      ssrf_filter (~> 1.0)
    caxlsx (3.2.0)
      htmlentities (~> 4.3, >= 4.3.4)
      marcel (~> 1.0)
      nokogiri (~> 1.10, >= 1.10.4)
      rubyzip (>= 1.3.0, < 3)
    caxlsx_rails (0.6.3)
      actionpack (>= 3.1)
      caxlsx (>= 3.0)
    chronic (0.10.2)
    coderay (1.1.3)
    coffee-rails (4.2.2)
      coffee-script (>= 2.2.0)
      railties (>= 4.0.0)
    coffee-script (2.4.1)
      coffee-script-source
      execjs
    coffee-script-source (1.12.2)
    concurrent-ruby (1.2.2)
    crass (1.0.6)
    database_cleaner (2.0.2)
      database_cleaner-active_record (>= 2, < 3)
    database_cleaner-active_record (2.1.0)
      activerecord (>= 5.a)
      database_cleaner-core (~> 2.0.0)
    database_cleaner-core (2.0.1)
    date (3.3.4)
    devise (4.9.3)
      bcrypt (~> 3.0)
      orm_adapter (~> 0.1)
      railties (>= 4.1.0)
      responders
      warden (~> 1.2.3)
    em-websocket (0.5.3)
      eventmachine (>= 0.12.9)
      http_parser.rb (~> 0)
    email_validator (2.2.4)
      activemodel
    ensure_valid_encoding (0.5.3)
    erubi (1.12.0)
    eventmachine (1.2.7)
    exception_notification (4.5.0)
      actionmailer (>= 5.2, < 8)
      activesupport (>= 5.2, < 8)
    execjs (2.9.1)
    ezwadl (0.1.0)
      httparty (~> 0.14)
      nokogiri (~> 1.6)
    factory_girl (4.8.1)
      activesupport (>= 3.0.0)
    factory_girl_rails (4.8.0)
      factory_girl (~> 4.8.0)
      railties (>= 3.0.0)
    faker (2.23.0)
      i18n (>= 1.8.11, < 2)
    ffi (1.16.3)
    font-awesome-sass (5.13.1)
      sassc (>= 1.11)
    formatador (1.1.0)
    fullcalendar-rails (3.0.0.0)
      jquery-rails (>= 4.0.5, < 5.0.0)
      jquery-ui-rails (>= 5.0.2)
      momentjs-rails (>= 2.9.0)
    globalid (1.2.1)
      activesupport (>= 6.1)
    guard (2.18.1)
      formatador (>= 0.2.4)
      listen (>= 2.7, < 4.0)
      lumberjack (>= 1.0.12, < 2.0)
      nenv (~> 0.1)
      notiffany (~> 0.0)
      pry (>= 0.13.0)
      shellany (~> 0.0)
      thor (>= 0.18.1)
    guard-bundler (3.0.1)
      bundler (>= 2.1, < 3)
      guard (~> 2.2)
      guard-compat (~> 1.1)
    guard-compat (1.2.1)
    guard-livereload (2.5.2)
      em-websocket (~> 0.5)
      guard (~> 2.8)
      guard-compat (~> 1.0)
      multi_json (~> 1.8)
    guard-minitest (2.4.6)
      guard-compat (~> 1.2)
      minitest (>= 3.0)
    htmlentities (4.3.4)
    http_parser.rb (0.8.0)
    httparty (0.21.0)
      mini_mime (>= 1.0.0)
      multi_xml (>= 0.5.2)
    i18n (1.14.1)
      concurrent-ruby (~> 1.0)
    image_processing (1.12.2)
      mini_magick (>= 4.9.5, < 5)
      ruby-vips (>= 2.0.17, < 3)
    jquery-rails (4.5.0)
      rails-dom-testing (>= 1, < 3)
      railties (>= 4.2.0)
      thor (>= 0.14, < 2.0)
    jquery-ui-rails (6.0.1)
      railties (>= 3.2.16)
    kaminari (1.2.2)
      activesupport (>= 4.1.0)
      kaminari-actionview (= 1.2.2)
      kaminari-activerecord (= 1.2.2)
      kaminari-core (= 1.2.2)
    kaminari-actionview (1.2.2)
      actionview
      kaminari-core (= 1.2.2)
    kaminari-activerecord (1.2.2)
      activerecord
      kaminari-core (= 1.2.2)
    kaminari-core (1.2.2)
    liquid (5.4.0)
    listen (3.8.0)
      rb-fsevent (~> 0.10, >= 0.10.3)
      rb-inotify (~> 0.9, >= 0.9.10)
    loofah (2.22.0)
      crass (~> 1.0.2)
      nokogiri (>= 1.12.0)
    lumberjack (1.2.10)
    mail (2.8.1)
      mini_mime (>= 0.1.1)
      net-imap
      net-pop
      net-smtp
    marc (0.8.2)
      ensure_valid_encoding
      scrub_rb (>= 1.0.1, < 2)
      unf
    marcel (1.0.2)
    matrix (0.4.2)
    method_source (1.0.0)
    mime-types (3.5.1)
      mime-types-data (~> 3.2015)
    mime-types-data (3.2023.1003)
    mini_magick (4.12.0)
    mini_mime (1.1.5)
    minitest (5.20.0)
    minitest-around (0.5.0)
      minitest (~> 5.0)
    momentjs-rails (2.17.1)
      railties (>= 3.1)
    multi_json (1.15.0)
    multi_xml (0.6.0)
    mysql2 (0.5.3)
    nenv (0.3.0)
    net-imap (0.4.6)
      date
      net-protocol
    net-pop (0.1.2)
      net-protocol
    net-protocol (0.2.2)
      timeout
    net-smtp (0.4.0)
      net-protocol
    nio4r (2.6.1)
    nokogiri (1.15.5-x86_64-linux)
      racc (~> 1.4)
    notiffany (0.1.3)
      nenv (~> 0.1)
      shellany (~> 0.0)
    orm_adapter (0.5.0)
    polyglot (0.3.5)
    popper_js (2.11.8)
    pry (0.14.2)
      coderay (~> 1.1)
      method_source (~> 1.0)
    public_suffix (5.0.4)
    puma (6.4.0)
      nio4r (~> 2.0)
    racc (1.7.3)
    rack (2.2.8)
    rack-test (2.1.0)
      rack (>= 1.3)
    rails (7.0.7.1)
      actioncable (= 7.0.7.1)
      actionmailbox (= 7.0.7.1)
      actionmailer (= 7.0.7.1)
      actionpack (= 7.0.7.1)
      actiontext (= 7.0.7.1)
      actionview (= 7.0.7.1)
      activejob (= 7.0.7.1)
      activemodel (= 7.0.7.1)
      activerecord (= 7.0.7.1)
      activestorage (= 7.0.7.1)
      activesupport (= 7.0.7.1)
      bundler (>= 1.15.0)
      railties (= 7.0.7.1)
    rails-controller-testing (1.0.5)
      actionpack (>= 5.0.1.rc1)
      actionview (>= 5.0.1.rc1)
      activesupport (>= 5.0.1.rc1)
    rails-dom-testing (2.2.0)
      activesupport (>= 5.0.0)
      minitest
      nokogiri (>= 1.6)
    rails-html-sanitizer (1.6.0)
      loofah (~> 2.21)
      nokogiri (~> 1.14)
    rails-settings-cached (2.9.4)
      activerecord (>= 5.0.0)
      railties (>= 5.0.0)
    railties (7.0.7.1)
      actionpack (= 7.0.7.1)
      activesupport (= 7.0.7.1)
      method_source
      rake (>= 12.2)
      thor (~> 1.0)
      zeitwerk (~> 2.5)
    rake (13.1.0)
    rb-fsevent (0.11.2)
    rb-inotify (0.10.1)
      ffi (~> 1.0)
    regexp_parser (2.8.2)
    remotipart (1.3.1)
    request_store (1.5.1)
      rack (>= 1.4)
    responders (3.1.1)
      actionpack (>= 5.2)
      railties (>= 5.2)
    rexml (3.2.8)
      strscan (>= 3.0.9)
    roo (2.10.0)
      nokogiri (~> 1)
      rubyzip (>= 1.3.0, < 3.0.0)
    ruby-vips (2.2.0)
      ffi (~> 1.12)
    rubyzip (1.3.0)
    sass-rails (6.0.0)
      sassc-rails (~> 2.1, >= 2.1.1)
    sassc (2.4.0)
      ffi (~> 1.9)
    sassc-rails (2.1.2)
      railties (>= 4.0.0)
      sassc (>= 2.0)
      sprockets (> 3.0)
      sprockets-rails
      tilt
    scrub_rb (1.0.1)
    search_cop (1.1.0)
      treetop
    selenium-webdriver (4.15.0)
      rexml (~> 3.2, >= 3.2.5)
      rubyzip (>= 1.2.2, < 3.0)
      websocket (~> 1.0)
    shellany (0.0.1)
    shoulda (4.0.0)
      shoulda-context (~> 2.0)
      shoulda-matchers (~> 4.0)
    shoulda-context (2.0.0)
    shoulda-matchers (4.5.1)
      activesupport (>= 4.2.0)
    simple_form (5.3.0)
      actionpack (>= 5.2)
      activemodel (>= 5.2)
    sprockets (4.2.1)
      concurrent-ruby (~> 1.0)
      rack (>= 2.2.4, < 4)
    sprockets-rails (3.4.2)
      actionpack (>= 5.2)
      activesupport (>= 5.2)
      sprockets (>= 3.0.0)
    sqlite3 (1.7.3-x86_64-linux)
    ssrf_filter (1.1.2)
    strscan (3.1.0)
    terser (1.1.20)
      execjs (>= 0.3.0, < 3)
    thor (1.3.0)
    tilt (2.3.0)
    timeout (0.4.1)
    treetop (1.6.12)
      polyglot (~> 0.3)
    tzinfo (2.0.6)
      concurrent-ruby (~> 1.0)
    unf (0.1.4)
      unf_ext
    unf_ext (0.0.9.1)
    warden (1.2.9)
      rack (>= 2.0.9)
    web-console (4.2.1)
      actionview (>= 6.0.0)
      activemodel (>= 6.0.0)
      bindex (>= 0.4.0)
      railties (>= 6.0.0)
    websocket (1.2.10)
    websocket-driver (0.7.6)
      websocket-extensions (>= 0.1.0)
    websocket-extensions (0.1.5)
    whenever (1.0.0)
      chronic (>= 0.6.3)
    xml-simple (1.1.9)
      rexml
    xpath (3.2.0)
      nokogiri (~> 1.8)
    zeitwerk (2.6.12)

PLATFORMS
  x86_64-linux

DEPENDENCIES
  alma (~> 0.3.3)
  audited (~> 5.0, >= 5.0.2)
  best_in_place!
  bootstrap (~> 5.3, >= 5.3.2)
  byebug (~> 11.1, >= 11.1.3)
  cancancan (~> 3.4)
  capybara (~> 3.39, >= 3.39.2)
  carrierwave (~> 2.2, >= 2.2.5)
  caxlsx (= 3.2.0)
  caxlsx_rails (= 0.6.3)
  coffee-rails (~> 4.2)
  database_cleaner (~> 2.0, >= 2.0.1)
  devise (~> 4.8, >= 4.8.1)
  email_validator (~> 2.2, >= 2.2.3)
  exception_notification (~> 4.5)
  factory_girl_rails (= 4.8.0)
  faker (~> 2.22)
  font-awesome-sass (~> 5.13.0)
  fullcalendar-rails (= 3.0.0.0)
  guard-bundler (~> 3.0)
  guard-livereload (= 2.5.2)
  guard-minitest (= 2.4.6)
  image_processing (~> 1.12, >= 1.12.2)
  jquery-rails (= 4.5.0)
  jquery-ui-rails (= 6.0.1)
  kaminari (~> 1.2, >= 1.2.2)
  liquid (~> 5.4)
  mime-types (~> 3.4, >= 3.4.1)
  minitest (~> 5.16, >= 5.16.3)
  minitest-around (~> 0.5.0)
  momentjs-rails (= 2.17.1)
  mysql2 (= 0.5.3)
  populator!
  primo!
  puma (~> 6.4)
  rails (~> 7.0, = 7.0.7.1)
  rails-controller-testing (~> 1.0, >= 1.0.5)
  rails-settings-cached (~> 2.8, >= 2.8.2)
  remotipart (= 1.3.1)
  roo (~> 2.9)
  rubyzip (~> 1.3.0)
  sass-rails (~> 6.0)
  search_cop (= 1.1.0)
  selenium-webdriver (~> 4.15)
  shoulda (~> 4.0)
  simple_form (~> 5.1)
  sqlite3 (~> 1.7)
  terser (~> 1.1, >= 1.1.20)
  tzinfo-data
  web-console (~> 4.2)
  whenever (~> 1.0)
  worldcatapi!

RUBY VERSION
   ruby 3.1.4p223

BUNDLED WITH
   2.4.22
